GEM
  remote: http://rubygems.org/
  specs:
    git-pair (0.1.0)

PLATFORMS
  ruby

DEPENDENCIES
  git-pair
